GEM
  remote: https://rubygems.org/
  specs:
    actionmailer (4.1.8)
      actionpack (= 4.1.8)
      actionview (= 4.1.8)
      mail (~> 2.5, >= 2.5.4)
    actionpack (4.1.8)
      actionview (= 4.1.8)
      activesupport (= 4.1.8)
      rack (~> 1.5.2)
      rack-test (~> 0.6.2)
    actionview (4.1.8)
      activesupport (= 4.1.8)
      builder (~> 3.1)
      erubis (~> 2.7.0)
    activemodel (4.1.8)
      activesupport (= 4.1.8)
      builder (~> 3.1)
    activerecord (4.1.8)
      activemodel (= 4.1.8)
      activesupport (= 4.1.8)
      arel (~> 5.0.0)
    activesupport (4.1.8)
      i18n (~> 0.6, >= 0.6.9)
      json (~> 1.7, >= 1.7.7)
      minitest (~> 5.1)
      thread_safe (~> 0.1)
      tzinfo (~> 1.1)
    addressable (2.4.0)
    arel (5.0.1.20140414130214)
    autodoc (0.6.0)
      actionpack
      activesupport (>= 3.0.0)
      rspec
    awesome_nested_set (3.1.1)
      activerecord (>= 4.0.0, < 5.1)
    bcrypt (3.1.11)
    bootstrap3-datetimepicker-rails (4.17.42)
      momentjs-rails (>= 2.8.1)
    builder (3.2.2)
    coffee-rails (4.0.1)
      coffee-script (>= 2.2.0)
      railties (>= 4.0.0, < 5.0)
    coffee-script (2.4.1)
      coffee-script-source
      execjs
    coffee-script-source (1.10.0)
    commonjs (0.2.7)
    devise (4.2.0)
      bcrypt (~> 3.0)
      orm_adapter (~> 0.1)
      railties (>= 4.1.0, < 5.1)
      responders
      warden (~> 1.2.3)
    devise_invitable (1.7.0)
      actionmailer (>= 4.0.0)
      devise (>= 4.0.0)
    diff-lcs (1.2.5)
    erubis (2.7.0)
    execjs (2.7.0)
    factory_girl (4.7.0)
      activesupport (>= 3.0.0)
    factory_girl_rails (4.7.0)
      factory_girl (~> 4.7.0)
      railties (>= 3.0.0)
    faraday (0.9.2)
      multipart-post (>= 1.2, < 3)
    fullcalendar-rails (2.4.0.0)
      jquery-rails (>= 3.1.1, < 5.0.0)
      momentjs-rails (>= 2.9.0)
    google-api-client (0.9.15)
      addressable (~> 2.3)
      googleauth (~> 0.5)
      httpclient (~> 2.7)
      hurley (~> 0.1)
      memoist (~> 0.11)
      mime-types (>= 1.6)
      representable (~> 2.3.0)
      retriable (~> 2.0)
    googleauth (0.5.1)
      faraday (~> 0.9)
      jwt (~> 1.4)
      logging (~> 2.0)
      memoist (~> 0.12)
      multi_json (~> 1.11)
      os (~> 0.9)
      signet (~> 0.7)
    hashie (3.4.6)
    hike (1.2.3)
    httpclient (2.8.2.4)
    hurley (0.2)
    i18n (0.7.0)
    icalendar (2.4.1)
    jbuilder (2.6.0)
      activesupport (>= 3.0.0, < 5.1)
      multi_json (~> 1.2)
    jquery-rails (3.1.4)
      railties (>= 3.0, < 5.0)
      thor (>= 0.14, < 2.0)
    jquery-ui-rails (5.0.5)
      railties (>= 3.2.16)
    json (1.8.3)
    jwt (1.5.6)
    kaminari (0.17.0)
      actionpack (>= 3.0.0)
      activesupport (>= 3.0.0)
    knockoutjs-rails (3.4.0.1)
      railties (>= 3.1, < 6)
    less (2.6.0)
      commonjs (~> 0.2.7)
    less-rails (2.7.1)
      actionpack (>= 4.0)
      less (~> 2.6.0)
      sprockets (> 2, < 4)
      tilt
    libv8 (3.16.14.15)
    little-plugger (1.1.4)
    logging (2.1.0)
      little-plugger (~> 1.1)
      multi_json (~> 1.10)
    mail (2.6.4)
      mime-types (>= 1.16, < 4)
    memoist (0.15.0)
    mime-types (3.1)
      mime-types-data (~> 3.2015)
    mime-types-data (3.2016.0521)
    mini_portile2 (2.1.0)
    minitest (5.9.1)
    momentjs-rails (2.15.1)
      railties (>= 3.1)
    multi_json (1.12.1)
    multi_xml (0.5.5)
    multipart-post (2.0.0)
    nokogiri (1.6.8.1)
      mini_portile2 (~> 2.1.0)
    oauth2 (1.2.0)
      faraday (>= 0.8, < 0.10)
      jwt (~> 1.0)
      multi_json (~> 1.3)
      multi_xml (~> 0.5)
      rack (>= 1.2, < 3)
    omniauth (1.3.1)
      hashie (>= 1.2, < 4)
      rack (>= 1.0, < 3)
    omniauth-google-oauth2 (0.4.1)
      jwt (~> 1.5.2)
      multi_json (~> 1.3)
      omniauth (>= 1.1.1)
      omniauth-oauth2 (>= 1.3.1)
    omniauth-oauth2 (1.4.0)
      oauth2 (~> 1.0)
      omniauth (~> 1.2)
    orm_adapter (0.5.0)
    os (0.9.6)
    rack (1.5.5)
    rack-test (0.6.3)
      rack (>= 1.0)
    rails (4.1.8)
      actionmailer (= 4.1.8)
      actionpack (= 4.1.8)
      actionview (= 4.1.8)
      activemodel (= 4.1.8)
      activerecord (= 4.1.8)
      activesupport (= 4.1.8)
      bundler (>= 1.3.0, < 2.0)
      railties (= 4.1.8)
      sprockets-rails (~> 2.0)
    railties (4.1.8)
      actionpack (= 4.1.8)
      activesupport (= 4.1.8)
      rake (>= 0.8.7)
      thor (>= 0.18.1, < 2.0)
    rake (11.3.0)
    rdoc (4.2.2)
      json (~> 1.4)
    ref (2.0.0)
    representable (2.3.0)
      uber (~> 0.0.7)
    responders (1.1.2)
      railties (>= 3.2, < 4.2)
    retriable (2.1.0)
    rspec (3.5.0)
      rspec-core (~> 3.5.0)
      rspec-expectations (~> 3.5.0)
      rspec-mocks (~> 3.5.0)
    rspec-core (3.5.4)
      rspec-support (~> 3.5.0)
    rspec-expectations (3.5.0)
      diff-lcs (>= 1.2.0, < 2.0)
      rspec-support (~> 3.5.0)
    rspec-mocks (3.5.0)
      diff-lcs (>= 1.2.0, < 2.0)
      rspec-support (~> 3.5.0)
    rspec-rails (3.5.2)
      actionpack (>= 3.0)
      activesupport (>= 3.0)
      railties (>= 3.0)
      rspec-core (~> 3.5.0)
      rspec-expectations (~> 3.5.0)
      rspec-mocks (~> 3.5.0)
      rspec-support (~> 3.5.0)
    rspec-support (3.5.0)
    sass (3.2.19)
    sass-rails (4.0.5)
      railties (>= 4.0.0, < 5.0)
      sass (~> 3.2.2)
      sprockets (~> 2.8, < 3.0)
      sprockets-rails (~> 2.0)
    sdoc (0.4.1)
      json (~> 1.7, >= 1.7.7)
      rdoc (~> 4.0)
    settingslogic (2.0.9)
    signet (0.7.3)
      addressable (~> 2.3)
      faraday (~> 0.9)
      jwt (~> 1.5)
      multi_json (~> 1.10)
    spring (1.7.2)
    sprockets (2.12.4)
      hike (~> 1.2)
      multi_json (~> 1.0)
      rack (~> 1.0)
      tilt (~> 1.1, != 1.3.0)
    sprockets-rails (2.3.3)
      actionpack (>= 3.0)
      activesupport (>= 3.0)
      sprockets (>= 2.8, < 4.0)
    sqlite3 (1.3.11)
    therubyracer (0.12.2)
      libv8 (~> 3.16.14.0)
      ref
    thor (0.19.1)
    thread_safe (0.3.5)
    tilt (1.4.1)
    turbolinks (5.0.1)
      turbolinks-source (~> 5)
    turbolinks-source (5.0.0)
    twitter-bootstrap-rails (3.2.2)
      actionpack (>= 3.1)
      execjs (>= 2.2.2, >= 2.2)
      less-rails (>= 2.5.0)
      railties (>= 3.1)
    tzinfo (1.2.2)
      thread_safe (~> 0.1)
    uber (0.0.15)
    uglifier (3.0.2)
      execjs (>= 0.3.0, < 3)
    warden (1.2.6)
      rack (>= 1.0)

PLATFORMS
  ruby

DEPENDENCIES
  autodoc
  awesome_nested_set
  bootstrap3-datetimepicker-rails
  coffee-rails (~> 4.0.0)
  devise
  devise_invitable
  factory_girl_rails
  fullcalendar-rails
  google-api-client
  googleauth
  icalendar
  jbuilder (~> 2.0)
  jquery-rails
  jquery-ui-rails
  kaminari
  knockoutjs-rails
  less-rails
  nokogiri
  omniauth
  omniauth-google-oauth2
  rails (= 4.1.8)
  rspec-rails
  sass-rails (~> 4.0.3)
  sdoc (~> 0.4.0)
  settingslogic
  spring
  sqlite3
  therubyracer
  turbolinks
  twitter-bootstrap-rails
  uglifier (>= 1.3.0)

BUNDLED WITH
   1.12.5
